GEM
  remote: http://rubygems.org/
  specs:
    activesupport (7.1.3.4)
      base64
      bigdecimal
      concurrent-ruby (~> 1.0, >= 1.0.2)
      connection_pool (>= 2.2.5)
      drb
      i18n (>= 1.6, < 2)
      minitest (>= 5.1)
      mutex_m
      tzinfo (~> 2.0)
    addressable (2.8.7)
      public_suffix (>= 2.0.2, < 7.0)
    ast (2.4.2)
    base64 (0.2.0)
    bigdecimal (3.1.8)
    concurrent-ruby (1.3.3)
    connection_pool (2.4.1)
    dotenv (3.1.2)
    drb (2.2.1)
    faraday (2.9.2)
      faraday-net_http (>= 2.0, < 3.2)
    faraday-net_http (3.1.0)
      net-http
    git (2.1.1)
      activesupport (>= 5.0)
      addressable (~> 2.8)
      process_executer (~> 1.1)
      rchardet (~> 1.8)
    i18n (1.14.5)
      concurrent-ruby (~> 1.0)
    json (2.7.2)
    jwt (2.8.2)
      base64
    language_server-protocol (3.17.0.3)
    minitest (5.24.0)
    mustermann (2.0.2)
      ruby2_keywords (~> 0.0.1)
    mutex_m (0.2.0)
    net-http (0.4.1)
      uri
    nio4r (2.7.3)
    octokit (4.25.1)
      faraday (>= 1, < 3)
      sawyer (~> 0.9)
    parallel (1.25.1)
    parser (3.3.3.0)
      ast (~> 2.4.1)
      racc
    process_executer (1.1.0)
    public_suffix (6.0.0)
    puma (6.4.2)
      nio4r (~> 2.0)
    racc (1.8.0)
    rack (2.2.9)
    rack-protection (2.2.4)
      rack
    rainbow (3.1.1)
    rchardet (1.8.0)
    regexp_parser (2.9.2)
    rexml (3.3.0)
      strscan
    rubocop (1.64.1)
      json (~> 2.3)
      language_server-protocol (>= 3.17.0)
      parallel (~> 1.10)
      parser (>= 3.3.0.2)
      rainbow (>= 2.2.2, < 4.0)
      regexp_parser (>= 1.8, < 3.0)
      rexml (>= 3.2.5, < 4.0)
      rubocop-ast (>= 1.31.1, < 2.0)
      ruby-progressbar (~> 1.7)
      unicode-display_width (>= 2.4.0, < 3.0)
    rubocop-ast (1.31.3)
      parser (>= 3.3.1.0)
    ruby-progressbar (1.13.0)
    ruby2_keywords (0.0.5)
    sawyer (0.9.2)
      addressable (>= 2.3.5)
      faraday (>= 0.17.3, < 3)
    sinatra (2.2.4)
      mustermann (~> 2.0)
      rack (~> 2.2)
      rack-protection (= 2.2.4)
      tilt (~> 2.0)
    strscan (3.1.0)
    tilt (2.3.0)
    tzinfo (2.0.6)
      concurrent-ruby (~> 1.0)
    unicode-display_width (2.5.0)
    uri (0.13.0)

PLATFORMS
  x64-mingw-ucrt

DEPENDENCIES
  dotenv
  git
  jwt (~> 2.1)
  octokit (~> 4.0)
  puma
  rubocop
  sinatra (~> 2.0)

BUNDLED WITH
   2.5.14
